GEM
  remote: http://rubygems.org/
  specs:
    addressable (2.3.8)
    builder (3.2.2)
    domain_name (0.5.24)
      unf (>= 0.0.5, < 1.0.0)
    excon (0.45.3)
    heroku (3.37.6)
      heroku-api (>= 0.3.19)
      launchy (>= 0.3.2)
      multi_json (>= 1.10)
      netrc (>= 0.10.0)
      rest-client (>= 1.6.0)
      rubyzip (>= 0.9.9)
    heroku-api (0.3.23)
      excon (~> 0.44)
      multi_json (~> 1.8)
    http-cookie (1.0.2)
      domain_name (~> 0.5)
    launchy (2.4.3)
      addressable (~> 2.3)
    mime-types (2.6.1)
    multi_json (1.11.0)
    netrc (0.10.3)
    rack (1.6.1)
    rack-rewrite (1.5.1)
    rdiscount (2.1.8)
    rest-client (1.8.0)
      http-cookie (>= 1.0.2, < 2.0)
      mime-types (>= 1.16, < 3.0)
      netrc (~> 0.7)
    rubyzip (1.1.7)
    toto (0.4.9)
      builder
      rack
      rdiscount
    unf (0.1.4)
      unf_ext
    unf_ext (0.0.7.1)

PLATFORMS
  ruby

DEPENDENCIES
  builder
  heroku
  rack
  rack-rewrite
  rdiscount
  toto
